GIT
  remote: https://github.com/instructure/ims-lti.git
  revision: 53612abf45311b3f425e75784dc85fdae2affc12
  specs:
    ims-lti (1.1.10)
      builder
      oauth (~> 0.4.5)

GEM
  remote: https://rubygems.org/
  specs:
    builder (3.2.2)
    daemons (1.2.3)
    eventmachine (1.0.7)
    oauth (0.4.7)
    pg (0.18.2)
    rack (1.6.4)
    rack-protection (1.5.3)
      rack
    sinatra (1.4.6)
      rack (~> 1.4)
      rack-protection (~> 1.4)
      tilt (>= 1.3, < 3)
    thin (1.6.3)
      daemons (~> 1.0, >= 1.0.9)
      eventmachine (~> 1.0)
      rack (~> 1.0)
    tilt (2.0.1)

PLATFORMS
  ruby

DEPENDENCIES
  ims-lti!
  pg
  sinatra
  thin

BUNDLED WITH
   1.10.6
