GEM
  remote: https://rubygems.org/
  specs:
    babel-source (5.8.35)
    babel-transpiler (0.7.0)
      babel-source (>= 4.0, < 6)
      execjs (~> 2.0)
    builder (3.2.3)
    byebug (9.0.6)
    daemons (1.2.4)
    eventmachine (1.2.3)
    execjs (2.7.0)
    ims-lti (1.2.0)
      builder
      oauth (= 0.4.5)
    mustermann (1.1.2)
      ruby2_keywords (~> 0.0.1)
    oauth (0.4.5)
    pg (0.20.0)
    rack (2.2.4)
    rack-protection (2.2.0)
      rack
    ruby2_keywords (0.0.5)
    sinatra (2.2.0)
      mustermann (~> 1.0)
      rack (~> 2.2)
      rack-protection (= 2.2.0)
      tilt (~> 2.0)
    thin (1.7.0)
      daemons (~> 1.0, >= 1.0.9)
      eventmachine (~> 1.0, >= 1.0.4)
      rack (>= 1, < 3)
    tilt (2.0.11)

PLATFORMS
  ruby

DEPENDENCIES
  babel-transpiler
  byebug
  ims-lti (~> 1.2)
  oauth
  pg
  sinatra
  thin

RUBY VERSION
   ruby 2.4.0p0

BUNDLED WITH
   1.13.7
