GEM
  remote: https://rubygems.org/
  specs:
    activesupport (5.2.8.1)
      concurrent-ruby (~> 1.0, >= 1.0.2)
      i18n (>= 0.7, < 2)
      minitest (~> 5.1)
      tzinfo (~> 1.1)
    addressable (2.8.0)
      public_suffix (>= 2.0.2, < 5.0)
    aes_key_wrap (1.1.0)
    babel-source (5.8.35)
    babel-transpiler (0.7.0)
      babel-source (>= 4.0, < 6)
      execjs (~> 2.0)
    bindata (2.4.10)
    builder (3.2.4)
    byebug (9.0.6)
    concurrent-ruby (1.1.10)
    daemons (1.2.4)
    eventmachine (1.2.3)
    execjs (2.7.0)
    faraday (1.10.0)
      faraday-em_http (~> 1.0)
      faraday-em_synchrony (~> 1.0)
      faraday-excon (~> 1.1)
      faraday-httpclient (~> 1.0)
      faraday-multipart (~> 1.0)
      faraday-net_http (~> 1.0)
      faraday-net_http_persistent (~> 1.0)
      faraday-patron (~> 1.0)
      faraday-rack (~> 1.0)
      faraday-retry (~> 1.0)
      ruby2_keywords (>= 0.0.4)
    faraday-em_http (1.0.0)
    faraday-em_synchrony (1.0.0)
    faraday-excon (1.1.0)
    faraday-httpclient (1.0.1)
    faraday-multipart (1.0.4)
      multipart-post (~> 2)
    faraday-net_http (1.0.1)
    faraday-net_http_persistent (1.2.0)
    faraday-patron (1.0.0)
    faraday-rack (1.0.0)
    faraday-retry (1.0.3)
    faraday_middleware (1.2.0)
      faraday (~> 1.0)
    i18n (1.12.0)
      concurrent-ruby (~> 1.0)
    ims-lti (2.3.2)
      addressable (~> 2.5, >= 2.5.1)
      builder (~> 3.2)
      faraday (< 2.0)
      faraday_middleware (< 2.0)
      json-jwt (~> 1.7)
      rexml
      simple_oauth (~> 0.3.1)
    json-jwt (1.14.0)
      activesupport (>= 4.2)
      aes_key_wrap
      bindata
    minitest (5.15.0)
    multipart-post (2.2.3)
    mustermann (1.1.2)
      ruby2_keywords (~> 0.0.1)
    oauth (0.5.10)
    pg (0.20.0)
    public_suffix (4.0.7)
    rack (2.2.4)
    rack-protection (2.2.0)
      rack
    rexml (3.2.5)
    ruby2_keywords (0.0.5)
    simple_oauth (0.3.1)
    sinatra (2.2.0)
      mustermann (~> 1.0)
      rack (~> 2.2)
      rack-protection (= 2.2.0)
      tilt (~> 2.0)
    thin (1.7.0)
      daemons (~> 1.0, >= 1.0.9)
      eventmachine (~> 1.0, >= 1.0.4)
      rack (>= 1, < 3)
    thread_safe (0.3.6)
    tilt (2.0.11)
    tzinfo (1.2.10)
      thread_safe (~> 0.1)

PLATFORMS
  ruby

DEPENDENCIES
  babel-transpiler
  byebug
  ims-lti (~> 2.3)
  oauth
  pg
  sinatra
  thin

RUBY VERSION
   ruby 2.4.0p0

BUNDLED WITH
   1.13.7
