GIT
  remote: https://github.com/instructure/ims-lti.git
  revision: 3374898e765e175258620297c97239cf14171e1b
  specs:
    ims-lti (2.1.2)
      builder (~> 3.2)
      faraday (~> 0.8)
      faraday_middleware (~> 0.8)
      json-jwt (~> 1.7)
      simple_oauth (= 0.2)

GEM
  remote: https://rubygems.org/
  specs:
    activesupport (5.0.2)
      concurrent-ruby (~> 1.0, >= 1.0.2)
      i18n (~> 0.7)
      minitest (~> 5.1)
      tzinfo (~> 1.1)
    bindata (2.4.0)
    builder (3.2.3)
    byebug (9.0.6)
    concurrent-ruby (1.0.5)
    daemons (1.2.4)
    eventmachine (1.2.3)
    faraday (0.12.0.1)
      multipart-post (>= 1.2, < 3)
    faraday_middleware (0.11.0.1)
      faraday (>= 0.7.4, < 1.0)
    i18n (0.8.1)
    json-jwt (1.7.1)
      activesupport
      bindata
      multi_json (>= 1.3)
      securecompare
      url_safe_base64
    minitest (5.10.1)
    multi_json (1.12.1)
    multipart-post (2.0.0)
    pg (0.20.0)
    rack (1.6.5)
    rack-protection (1.5.3)
      rack
    securecompare (1.0.0)
    simple_oauth (0.2.0)
    sinatra (1.4.8)
      rack (~> 1.5)
      rack-protection (~> 1.4)
      tilt (>= 1.3, < 3)
    thin (1.7.0)
      daemons (~> 1.0, >= 1.0.9)
      eventmachine (~> 1.0, >= 1.0.4)
      rack (>= 1, < 3)
    thread_safe (0.3.6)
    tilt (2.0.7)
    tzinfo (1.2.3)
      thread_safe (~> 0.1)
    url_safe_base64 (0.2.2)

PLATFORMS
  ruby

DEPENDENCIES
  byebug
  ims-lti!
  pg
  sinatra
  thin

RUBY VERSION
   ruby 2.4.0p0

BUNDLED WITH
   1.13.7
