GIT
  remote: https://github.com/instructure/ims-lti.git
  revision: 086b6152e49dfa50921f7d9fdfee2dfe8f3c8dca
  specs:
    ims-lti (1.1.8)
      builder
      oauth (~> 0.4.5)

GEM
  remote: https://rubygems.org/
  specs:
    builder (3.2.2)
    byebug (5.0.0)
      columnize (= 0.9.0)
    columnize (0.9.0)
    daemons (1.2.3)
    eventmachine (1.0.7)
    oauth (0.4.7)
    pg (0.18.2)
    rack (1.6.4)
    rack-protection (1.5.3)
      rack
    sinatra (1.4.6)
      rack (~> 1.4)
      rack-protection (~> 1.4)
      tilt (>= 1.3, < 3)
    thin (1.6.3)
      daemons (~> 1.0, >= 1.0.9)
      eventmachine (~> 1.0)
      rack (~> 1.0)
    tilt (2.0.1)

PLATFORMS
  ruby

DEPENDENCIES
  byebug
  ims-lti!
  pg
  sinatra
  thin
